GEM
  remote: https://rubygems.org/
  specs:
    rake (10.4.2)
    semver2 (3.4.2)

PLATFORMS
  ruby

DEPENDENCIES
  rake
  semver2

BUNDLED WITH
   1.13.6
