NUGET
  remote: https://www.nuget.org/api/v2
    FsLexYacc (6.0.4)
      FsLexYacc.Runtime (>= 6.0.4)
    FsLexYacc.Runtime (6.0.4)
    fspec (0.5)
    FSpec.MbUnitWrapper (0.5)
      fspec (>= 0.5)
      mbunit
    mbunit (3.4.14)
